PATH
  remote: .
  specs:
    bank_api (0.5.0)
      pincers
      rest-client
      timezone (~> 1.0)

GEM
  remote: https://rubygems.org/
  specs:
    archive-zip (0.11.0)
      io-like (~> 0.3.0)
    byebug (10.0.2)
    childprocess (0.9.0)
      ffi (~> 1.0, >= 1.0.11)
    chromedriver-helper (1.2.0)
      archive-zip (~> 0.10)
      nokogiri (~> 1.8)
    coderay (1.1.2)
    diff-lcs (1.3)
    domain_name (0.5.20180417)
      unf (>= 0.0.5, < 1.0.0)
    ffi (1.9.25)
    http-cookie (1.0.3)
      domain_name (~> 0.5)
    io-like (0.3.0)
    method_source (0.9.0)
    mime-types (3.2.2)
      mime-types-data (~> 3.2015)
    mime-types-data (3.2018.0812)
    mini_portile2 (2.3.0)
    netrc (0.11.0)
    nokogiri (1.8.4)
      mini_portile2 (~> 2.3.0)
    pincers (0.7.12)
      nokogiri (~> 1.6)
      selenium-webdriver (~> 2.45)
    pry (0.11.3)
      coderay (~> 1.1.0)
      method_source (~> 0.9.0)
    pry-byebug (3.6.0)
      byebug (~> 10.0)
      pry (~> 0.10)
    rake (10.5.0)
    rest-client (2.0.2)
      http-cookie (>= 1.0.2, < 2.0)
      mime-types (>= 1.16, < 4.0)
      netrc (~> 0.8)
    rspec (3.7.0)
      rspec-core (~> 3.7.0)
      rspec-expectations (~> 3.7.0)
      rspec-mocks (~> 3.7.0)
    rspec-core (3.7.1)
      rspec-support (~> 3.7.0)
    rspec-expectations (3.7.0)
      diff-lcs (>= 1.2.0, < 2.0)
      rspec-support (~> 3.7.0)
    rspec-mocks (3.7.0)
      diff-lcs (>= 1.2.0, < 2.0)
      rspec-support (~> 3.7.0)
    rspec-support (3.7.0)
    rubyzip (1.2.2)
    selenium-webdriver (2.53.4)
      childprocess (~> 0.5)
      rubyzip (~> 1.0)
      websocket (~> 1.0)
    timezone (1.2.12)
    unf (0.1.4)
      unf_ext
    unf_ext (0.0.7.5)
    websocket (1.2.8)

PLATFORMS
  ruby

DEPENDENCIES
  bank_api!
  bundler (~> 1.16)
  chromedriver-helper
  pry
  pry-byebug
  rake (~> 10.0)
  rspec (~> 3.0)

BUNDLED WITH
   1.16.1
